GEM
  remote: http://rubygems.org/
  specs:
    rack (1.4.1)
    rack-legacy (0.3.1)
      rack
    rack-rewrite (1.2.1)

PLATFORMS
  ruby

DEPENDENCIES
  rack
  rack-legacy
  rack-rewrite
